GEM
  remote: https://rubygems.org/
  specs:
    activemodel (7.0.4)
      activesupport (= 7.0.4)
    activerecord (7.0.4)
      activemodel (= 7.0.4)
      activesupport (= 7.0.4)
    activerecord-mysql2-adapter (0.0.3)
      mysql2
    activesupport (7.0.4)
      concurrent-ruby (~> 1.0, >= 1.0.2)
      i18n (>= 1.6, < 2)
      minitest (>= 5.1)
      tzinfo (~> 2.0)
    beefcake (1.2.0)
    bson (4.15.0)
    bson_ext (1.5.1)
    cert_validator (0.0.1)
    concurrent-ruby (1.1.10)
    i18n (1.12.0)
      concurrent-ruby (~> 1.0)
    iconv (1.0.3)
    innertube (1.0.2)
    minitest (5.16.3)
    mongo (2.18.2)
      bson (>= 4.14.1, < 5.0.0)
    multi_json (1.15.0)
    mysql2 (0.3.13)
    pg (0.16.0)
    rake (13.0.6)
    redis (3.0.4)
    riak-client (2.3.2)
      beefcake (~> 1.1)
      cert_validator (~> 0.0.1)
      i18n (>= 0.6.8)
      innertube (~> 1.0.2)
      multi_json (~> 1.0)
    tzinfo (2.0.5)
      concurrent-ruby (~> 1.0)

PLATFORMS
  ruby

DEPENDENCIES
  activerecord (>= 5.2.8.1)
  activerecord-mysql2-adapter
  bson_ext
  iconv
  mongo (>= 2.0.0)
  pg
  rake (>= 12.3.3)
  redis
  riak-client

BUNDLED WITH
   2.1.4
